PATH
  remote: .
  specs:
    http_headers-utils (0.1.0)

GEM
  remote: https://rubygems.org/
  specs:
    minitest (5.11.3)
    rake (10.5.0)

PLATFORMS
  x64-mingw32

DEPENDENCIES
  bundler (~> 2.0)
  http_headers-utils!
  minitest (~> 5.0)
  rake (~> 10.0)

BUNDLED WITH
   2.0.1
