PATH
  remote: .
  specs:
    http_headers-utils (0.2.0)

GEM
  remote: https://rubygems.org/
  specs:
    minitest (5.14.4)
    rake (13.0.3)

PLATFORMS
  ruby
  x64-mingw32

DEPENDENCIES
  bundler (~> 2.0)
  http_headers-utils!
  minitest (~> 5.0)
  rake (~> 13.0)

BUNDLED WITH
   2.0.1
